PATH
  remote: ../..
  specs:
    fluent_fixtures (0.0.1.pre.20160601191621)
      inflecto (~> 0.0)
      loggability (~> 0.11)

GEM
  remote: https://rubygems.org/
  specs:
    coderay (1.1.1)
    docile (1.1.5)
    faker (1.6.6)
      i18n (~> 0.5)
    i18n (0.7.0)
    inflecto (0.0.2)
    json (2.0.2)
    loggability (0.11.0)
    method_source (0.8.2)
    pg (0.18.4)
    pry (0.10.4)
      coderay (~> 1.1.0)
      method_source (~> 0.8.1)
      slop (~> 3.4)
    sequel (4.37.0)
    simplecov (0.12.0)
      docile (~> 1.1.0)
      json (>= 1.8, < 3)
      simplecov-html (~> 0.10.0)
    simplecov-html (0.10.0)
    slop (3.6.0)

PLATFORMS
  ruby

DEPENDENCIES
  faker
  fluent_fixtures!
  pg
  pry
  sequel
  simplecov

BUNDLED WITH
   1.12.5
