PATH
  remote: ../..
  specs:
    fluent_fixtures (0.7.0.pre.20180612160111)
      inflecto (~> 0.0)
      loggability (~> 0.11)

GEM
  remote: https://rubygems.org/
  specs:
    coderay (1.1.3)
    concurrent-ruby (1.1.6)
    docile (1.3.2)
    faker (2.13.0)
      i18n (>= 1.6, < 2)
    i18n (1.8.5)
      concurrent-ruby (~> 1.0)
    inflecto (0.0.2)
    loggability (0.17.0)
    method_source (1.0.0)
    pg (1.2.3)
    pry (0.13.1)
      coderay (~> 1.1)
      method_source (~> 1.0)
    sequel (5.34.0)
    simplecov (0.18.5)
      docile (~> 1.1)
      simplecov-html (~> 0.11)
    simplecov-html (0.12.2)

PLATFORMS
  ruby

DEPENDENCIES
  faker
  fluent_fixtures!
  pg
  pry
  sequel
  simplecov

BUNDLED WITH
   1.17.3
